ObjectType = Image
NDims = 3
BinaryData = True
BinaryDataByteOrderMSB = False
CompressedData = True
CompressedDataSize = 696363
TransformMatrix = 1 0 0 0 1 0 0 0 1
Offset = -254.91406249999997 -324.01406860351 99.5999755859375
CenterOfRotation = 0 0 0
AnatomicalOrientation = RAI
ElementSpacing = 1 1 3
DimSize = 512 512 165
ElementType = MET_SHORT
ElementDataFile = mask.zraw
