ObjectType = Image
NDims = 3
BinaryData = True
BinaryDataByteOrderMSB = False
CompressedData = True
CompressedDataSize = 462029
TransformMatrix = 1 0 0 0 1 0 0 0 1
Offset = -256.0859375 -144.98593139648 144.600006103515
CenterOfRotation = 0 0 0
AnatomicalOrientation = RAI
ElementSpacing = 1 1 3
DimSize = 512 512 107
ElementType = MET_SHORT
ElementDataFile = mask.zraw
