ObjectType = Image
NDims = 3
Offset = -256.0859375 -116.0859375 -246.0
AnatomicalOrientation = RAI
BinaryDataByteOrderMSB = False
CompressedData = True
CompressedDataSize = 338390
CenterOfRotation = 0 0 0
ElementType = MET_SHORT
ElementSpacing = 1 1 3
DimSize = 512 512 144
BinaryData = True
TransformMatrix = 1 0 0 0 1 0 0 0 1
ElementDataFile = label.zraw
