ObjectType = Image
NDims = 3
DimSize = 512 512 144
Offset = -256.0859375 -116.0859375 -246.0
AnatomicalOrientation = RAI
TransformMatrix = 1 0 0 0 1 0 0 0 1
BinaryDataByteOrderMSB = False
BinaryData = True
CompressedData = True
CenterOfRotation = 0 0 0
ElementType = MET_UCHAR
CompressedDataSize = 254515
ElementSpacing = 1 1 3
ElementDataFile = mask.zraw
