ObjectType = Image
NDims = 3
DimSize = 512 512 130
Offset = -256.0859375 -140.0859375 -124.00003051757001
AnatomicalOrientation = RAI
TransformMatrix = 1 0 0 0 1 0 0 0 1
BinaryDataByteOrderMSB = False
BinaryData = True
CompressedData = True
CenterOfRotation = 0 0 0
ElementType = MET_UCHAR
CompressedDataSize = 201396
ElementSpacing = 1 1 3
ElementDataFile = mask.zraw
