ObjectType = Image
NDims = 3
BinaryData = True
BinaryDataByteOrderMSB = False
CompressedData = True
CompressedDataSize = 596685
TransformMatrix = 1 0 0 0 1 0 0 0 1
Offset = -256.0859375 -154.38594055175 -11.700012207031
CenterOfRotation = 0 0 0
AnatomicalOrientation = RAI
ElementSpacing = 1 1 3
DimSize = 512 512 135
ElementType = MET_SHORT
ElementDataFile = mask.zraw
