ObjectType = Image
NDims = 3
DimSize = 512 512 163
Offset = -256.0859375 -142.3859405517578 60.59997558593751
AnatomicalOrientation = RAI
TransformMatrix = 1 0 0 0 1 0 0 0 1
BinaryDataByteOrderMSB = False
BinaryData = True
CompressedData = True
CenterOfRotation = 0 0 0
ElementType = MET_UCHAR
CompressedDataSize = 275512
ElementSpacing = 1 1 3
ElementDataFile = mask.zraw
