ObjectType = Image
NDims = 3
DimSize = 512 512 158
Offset = -254.91406249999997 -313.51406860351 27.6000061035156
AnatomicalOrientation = RAI
TransformMatrix = 1 0 0 0 1 0 0 0 1
BinaryDataByteOrderMSB = False
BinaryData = True
CompressedData = True
CenterOfRotation = 0 0 0
ElementType = MET_UCHAR
CompressedDataSize = 257787
ElementSpacing = 1 1 3
ElementDataFile = mask.zraw
