ObjectType = Image
NDims = 3
Offset = -255.63183593749997 -361.3681640625 135.5
AnatomicalOrientation = RAI
BinaryDataByteOrderMSB = False
CompressedData = True
CompressedDataSize = 414172
CenterOfRotation = 0 0 0
ElementType = MET_SHORT
ElementSpacing = 1 1 3
DimSize = 512 512 153
BinaryData = True
TransformMatrix = 1 0 0 0 1 0 0 0 1
ElementDataFile = label.zraw
