ObjectType = Image
NDims = 3
DimSize = 512 512 147
Offset = -256.0859375 -151.5859375 5.239990234375
AnatomicalOrientation = RAI
TransformMatrix = 1 0 0 0 1 0 0 0 1
BinaryDataByteOrderMSB = False
BinaryData = True
CompressedData = True
CenterOfRotation = 0 0 0
ElementType = MET_UCHAR
CompressedDataSize = 242263
ElementSpacing = 1 1 3
ElementDataFile = mask.zraw
