ObjectType = Image
NDims = 3
DimSize = 512 512 125
Offset = -254.91406249999997 -354.01406860351 201.59997558593702
AnatomicalOrientation = RAI
TransformMatrix = 1 0 0 0 1 0 0 0 1
BinaryDataByteOrderMSB = False
BinaryData = True
CompressedData = True
CenterOfRotation = 0 0 0
ElementType = MET_UCHAR
CompressedDataSize = 184496
ElementSpacing = 1 1 3
ElementDataFile = mask.zraw
