ObjectType = Image
NDims = 3
Offset = -256.0859375 -143.0859375 -406.00000000000006
AnatomicalOrientation = RAI
BinaryDataByteOrderMSB = False
CompressedData = True
CompressedDataSize = 348549
CenterOfRotation = 0 0 0
ElementType = MET_SHORT
ElementSpacing = 1 1 3
DimSize = 512 512 137
BinaryData = True
TransformMatrix = 1 0 0 0 1 0 0 0 1
ElementDataFile = label.zraw
