ObjectType = Image
NDims = 3
DimSize = 512 512 137
Offset = -256.0859375 -143.0859375 -406.00000000000006
AnatomicalOrientation = RAI
TransformMatrix = 1 0 0 0 1 0 0 0 1
BinaryDataByteOrderMSB = False
BinaryData = True
CompressedData = True
CenterOfRotation = 0 0 0
ElementType = MET_UCHAR
CompressedDataSize = 211233
ElementSpacing = 1 1 3
ElementDataFile = mask.zraw
