ObjectType = Image
NDims = 3
DimSize = 512 512 122
Offset = -255.49999999999997 -444.5 -580.5
AnatomicalOrientation = RAI
TransformMatrix = 1 0 0 0 1 0 0 0 1
BinaryDataByteOrderMSB = False
BinaryData = True
CompressedData = True
CenterOfRotation = 0 0 0
ElementType = MET_UCHAR
CompressedDataSize = 178258
ElementSpacing = 1 1 3
ElementDataFile = mask.zraw
